GIT
  remote: git://github.com/TheBigBrainsCompany/capistrano-symfony.git
  revision: 84dee10d67b3db37e9e10149069ecff541936eb7
  specs:
    capistrano-symfony (0.3.0)
      capistrano (~> 3.1)
      capistrano-composer (~> 0.0.4)

GIT
  remote: git://github.com/capistrano/capistrano.git
  revision: 7ba6e446ff4f517814d8e5a79710aa122a8b9064
  branch: master
  specs:
    capistrano (3.8.1)
      airbrussh (>= 1.0.0)
      i18n
      rake (>= 10.0.0)
      sshkit (>= 1.9.0)

GEM
  remote: https://rubygems.org/
  specs:
    airbrussh (1.2.0)
      sshkit (>= 1.6.1, != 1.7.0)
    capistrano-composer (0.0.6)
      capistrano (>= 3.0.0.pre)
    diff-lcs (1.3)
    i18n (0.8.4)
    mini_portile2 (2.1.0)
    net-scp (1.2.1)
      net-ssh (>= 2.6.5)
    net-ssh (4.1.0)
    nokogiri (1.7.2)
      mini_portile2 (~> 2.1.0)
    rack (2.0.3)
    rake (12.0.0)
    rspec (3.6.0)
      rspec-core (~> 3.6.0)
      rspec-expectations (~> 3.6.0)
      rspec-mocks (~> 3.6.0)
    rspec-core (3.6.0)
      rspec-support (~> 3.6.0)
    rspec-expectations (3.6.0)
      diff-lcs (>= 1.2.0, < 2.0)
      rspec-support (~> 3.6.0)
    rspec-mocks (3.6.0)
      diff-lcs (>= 1.2.0, < 2.0)
      rspec-support (~> 3.6.0)
    rspec-support (3.6.0)
    sshkit (1.13.1)
      net-scp (>= 1.1.2)
      net-ssh (>= 2.8.0)

PLATFORMS
  ruby

DEPENDENCIES
  capistrano!
  capistrano-composer
  capistrano-symfony!
  nokogiri
  rack (~> 2.0.1)
  rspec

BUNDLED WITH
   1.15.1
